GEM
  remote: https://rubygems.org/
  specs:
    colorize (0.7.7)
    rack (1.6.4)
    rack-protection (1.5.3)
      rack
    rumba (0.2.6)
      serialport
    serialport (1.3.1)
    sinatra (1.4.7)
      rack (~> 1.5)
      rack-protection (~> 1.4)
      tilt (>= 1.3, < 3)
    tilt (2.0.5)

PLATFORMS
  ruby

DEPENDENCIES
  colorize (= 0.7.7)
  rumba (= 0.2.6)
  sinatra (= 1.4.7)

BUNDLED WITH
   1.11.2
